GEM
  remote: http://rubygems.org/
  specs:
    faraday (0.9.1)
      multipart-post (>= 1.2, < 3)
    json (1.8.3)
    multipart-post (2.0.0)
    rack (1.6.4)
    rack-protection (1.5.3)
      rack
    sinatra (1.4.6)
      rack (~> 1.4)
      rack-protection (~> 1.4)
      tilt (>= 1.3, < 3)
    slim (3.0.6)
      temple (~> 0.7.3)
      tilt (>= 1.3.3, < 2.1)
    sprockets (3.2.0)
      rack (~> 1.0)
    temple (0.7.6)
    tilt (2.0.1)

PLATFORMS
  ruby

DEPENDENCIES
  faraday
  json
  sinatra
  slim
  sprockets

BUNDLED WITH
   1.10.5
